PATH
  remote: .
  specs:
    kazutori (0.1.0)
      globalid
      redis
      redis-namespace

GEM
  remote: https://rubygems.org/
  specs:
    activesupport (5.1.6)
      concurrent-ruby (~> 1.0, >= 1.0.2)
      i18n (>= 0.7, < 2)
      minitest (~> 5.1)
      tzinfo (~> 1.1)
    concurrent-ruby (1.0.5)
    diff-lcs (1.3)
    globalid (0.4.1)
      activesupport (>= 4.2.0)
    i18n (1.0.0)
      concurrent-ruby (~> 1.0)
    minitest (5.11.3)
    rake (10.5.0)
    redis (4.0.1)
    redis-namespace (1.6.0)
      redis (>= 3.0.4)
    rspec (3.7.0)
      rspec-core (~> 3.7.0)
      rspec-expectations (~> 3.7.0)
      rspec-mocks (~> 3.7.0)
    rspec-core (3.7.1)
      rspec-support (~> 3.7.0)
    rspec-expectations (3.7.0)
      diff-lcs (>= 1.2.0, < 2.0)
      rspec-support (~> 3.7.0)
    rspec-mocks (3.7.0)
      diff-lcs (>= 1.2.0, < 2.0)
      rspec-support (~> 3.7.0)
    rspec-support (3.7.1)
    thread_safe (0.3.6)
    tzinfo (1.2.5)
      thread_safe (~> 0.1)

PLATFORMS
  ruby

DEPENDENCIES
  bundler (~> 1.16)
  kazutori!
  rake (~> 10.0)
  rspec (~> 3.0)

BUNDLED WITH
   1.16.1
